PATH
  remote: .
  specs:
    rack-robustness (1.1.0)

GEM
  remote: http://rubygems.org/
  specs:
    ast (2.4.0)
    diff-lcs (1.3)
    parser (2.6.5.0)
      ast (~> 2.4.0)
    rack (2.0.7)
    rack-test (1.1.0)
      rack (>= 1.0, < 3)
    rainbow (1.99.2)
    rake (13.0.1)
    rspec (2.99.0)
      rspec-core (~> 2.99.0)
      rspec-expectations (~> 2.99.0)
      rspec-mocks (~> 2.99.0)
    rspec-core (2.99.2)
    rspec-expectations (2.99.2)
      diff-lcs (>= 1.1.3, < 2.0)
    rspec-mocks (2.99.4)
    transpec (0.2.6)
      parser (~> 2.0)
      rainbow (~> 1.1)
      rspec (~> 2.14)

PLATFORMS
  ruby

DEPENDENCIES
  rack
  rack-robustness!
  rack-test
  rake
  rspec (~> 2.14)
  transpec

BUNDLED WITH
   2.0.2
